GEM
  remote: http://rubygems.org/
  specs:
    builder (3.2.0)
    cf-uaa-lib (1.3.7)
      multi_json
    cfoundry (0.5.2)
      cf-uaa-lib (~> 1.3.3)
      multi_json (~> 1.3)
      multipart-post (~> 1.1)
      rubyzip (~> 0.9)
    ci_reporter (1.6.9)
      builder (>= 2.1.2)
    curb (0.8.3)
    diff-lcs (1.2.1)
    multi_json (1.6.1)
    multipart-post (1.2.0)
    rake (0.9.6)
    rspec (2.13.0)
      rspec-core (~> 2.13.0)
      rspec-expectations (~> 2.13.0)
      rspec-mocks (~> 2.13.0)
    rspec-core (2.13.0)
    rspec-expectations (2.13.0)
      diff-lcs (>= 1.1.3, < 2.0)
    rspec-mocks (2.13.0)
    rubyzip (0.9.9)

PLATFORMS
  ruby

DEPENDENCIES
  cfoundry (~> 0.5.2)
  ci_reporter (~> 1.6.5)
  curb
  rake (~> 0.9.2)
  rspec (~> 2.13)
